{
  "AcquisitionDateTime": "2017-05-29T13:32:31.822000",
  "EchoTime": 0.0352,
  "EffectiveEchoSpacing": 0.000580013,
  "FlipAngle": 56,
  "ImageType": ["ORIGINAL","PRIMARY","M","ND","MOSAIC"],
  "MagneticFieldStrength": 3,
  "Manufacturer": "Siemens",
  "ManufacturersModelName": "Prisma",
  "PhaseEncodingDirection": "j-",
  "RepetitionTime": 0.955,
  "SliceTiming": [
    4.695,
    4.615,
    4.535,
    4.455,
    4.375,
    4.2975,
    4.2175,
    4.1375,
    4.0575,
    3.9775,
    3.8975,
    3.82,
    3.74,
    3.66,
    3.58,
    3.5,
    3.42,
    3.3425,
    3.2625,
    3.1825,
    3.1025,
    3.0225,
    2.9425,
    2.865,
    2.785,
    2.705,
    2.625,
    2.545,
    2.465,
    2.3875,
    2.3075,
    2.2275,
    2.1475,
    2.0675,
    1.99,
    1.91,
    1.83,
    1.75,
    1.67,
    1.59,
    1.5125,
    1.4325,
    1.3525,
    1.2725,
    1.1925,
    1.1125,
    1.035,
    0.955,
    0.875,
    0.795,
    0.715,
    0.635,
    0.5575,
    0.4775,
    0.3975,
    0.3175,
    0.2375,
    0.1575,
    0.08,
    0
  ],
  "TotalReadoutTime": 0.0580013
}