{
  "AcquisitionDateTime": "2017-04-06T16:25:45.809000",
  "EchoTime": 0.0736,
  "EffectiveEchoSpacing": 0.000600012,
  "FlipAngle": 78,
  "ImageType": ["ORIGINAL","PRIMARY","DIFFUSION","NON"],
  "MagneticFieldStrength": 3,
  "Manufacturer": "Siemens",
  "ManufacturersModelName": "Prisma",
  "PhaseEncodingDirection": "j-",
  "RepetitionTime": 3.002,
  "SliceTiming": [
    0,
    2.1775,
    1.375,
    0.5725,
    2.7525,
    1.9475,
    1.145,
    0.3425,
    2.5225,
    1.72,
    0.9175,
    0.1125,
    2.2925,
    1.49,
    0.6875,
    2.865,
    2.0625,
    1.26,
    0.4575,
    2.6375,
    1.835,
    1.03,
    0.2275,
    2.4075,
    1.605,
    0.8025,
    0,
    2.1775,
    1.375,
    0.5725,
    2.7525,
    1.9475,
    1.145,
    0.3425,
    2.5225,
    1.72,
    0.9175,
    0.1125,
    2.2925,
    1.49,
    0.6875,
    2.865,
    2.0625,
    1.26,
    0.4575,
    2.6375,
    1.835,
    1.03,
    0.2275,
    2.4075,
    1.605,
    0.8025,
    0,
    2.1775,
    1.375,
    0.5725,
    2.7525,
    1.9475,
    1.145,
    0.3425,
    2.5225,
    1.72,
    0.9175,
    0.1125,
    2.2925,
    1.49,
    0.6875,
    2.865,
    2.0625,
    1.26,
    0.4575,
    2.6375,
    1.835,
    1.03,
    0.2275,
    2.4075,
    1.605,
    0.8025
  ],
  "TotalReadoutTime": 0.070801416
}