{
  "AcquisitionDateTime": "2017-05-30T09:28:44.851000",
  "EchoTime": 0.0632,
  "EffectiveEchoSpacing": 0.000580013,
  "FlipAngle": 90,
  "ImageType": ["ORIGINAL","PRIMARY","M","ND","MOSAIC"],
  "MagneticFieldStrength": 3,
  "Manufacturer": "Siemens",
  "ManufacturersModelName": "Prisma",
  "PhaseEncodingDirection": "j",
  "RepetitionTime": 7.06,
  "SliceTiming": [
    3.53,
    0,
    3.6475,
    0.1175,
    3.765,
    0.235,
    3.8825,
    0.3525,
    4,
    0.47,
    4.1175,
    0.59,
    4.2375,
    0.7075,
    4.355,
    0.825,
    4.4725,
    0.9425,
    4.59,
    1.06,
    4.7075,
    1.1775,
    4.825,
    1.295,
    4.9425,
    1.4125,
    5.06,
    1.53,
    5.1775,
    1.6475,
    5.295,
    1.765,
    5.4125,
    1.8825,
    5.53,
    2,
    5.6475,
    2.1175,
    5.765,
    2.235,
    5.8825,
    2.3525,
    6,
    2.4725,
    6.12,
    2.59,
    6.2375,
    2.7075,
    6.355,
    2.825,
    6.4725,
    2.9425,
    6.59,
    3.06,
    6.7075,
    3.1775,
    6.825,
    3.295,
    6.9425,
    3.4125
  ],
  "TotalReadoutTime": 0.0580013
}