{
  "AcquisitionDateTime": "2017-04-13T11:48:43.116000",
  "EchoTime": 0.0352,
  "EffectiveEchoSpacing": 0.000580013,
  "FlipAngle": 56,
  "ImageType": [
    "ORIGINAL",
    "PRIMARY",
    "M",
    "MB",
    "ND",
    "MOSAI"
  ],
  "MagneticFieldStrength": 3,
  "Manufacturer": "Siemens",
  "ManufacturersModelName": "Prisma",
  "PhaseEncodingDirection": "j-",
  "RepetitionTime": 0.955,
  "SliceTiming": [
    0.875,
    0.795,
    0.715,
    0.635,
    0.5575,
    0.4775,
    0.3975,
    0.3175,
    0.2375,
    0.1575,
    0.08,
    0,
    0.875,
    0.795,
    0.715,
    0.635,
    0.5575,
    0.4775,
    0.3975,
    0.3175,
    0.2375,
    0.1575,
    0.08,
    0,
    0.875,
    0.795,
    0.715,
    0.635,
    0.5575,
    0.4775,
    0.3975,
    0.3175,
    0.2375,
    0.1575,
    0.08,
    0,
    0.875,
    0.795,
    0.715,
    0.635,
    0.5575,
    0.4775,
    0.3975,
    0.3175,
    0.2375,
    0.1575,
    0.08,
    0,
    0.875,
    0.795,
    0.715,
    0.635,
    0.5575,
    0.4775,
    0.3975,
    0.3175,
    0.2375,
    0.1575,
    0.08,
    0
  ],
  "TaskName": "rest",
  "TotalReadoutTime": 0.0580013
}