{
  "AcquisitionDateTime": "2017-04-05T11:36:26.930000",
  "EchoTime": 0.0736,
  "EffectiveEchoSpacing": 0.000600012,
  "FlipAngle": 78,
  "ImageType": ["ORIGINAL","PRIMARY","DIFFUSION","NON"],
  "MagneticFieldStrength": 3,
  "Manufacturer": "Siemens",
  "ManufacturersModelName": "Prisma",
  "PhaseEncodingDirection": "j-",
  "RepetitionTime": 3.002,
  "SliceTiming": [
    0,
    2.18,
    1.375,
    0.5725,
    2.7525,
    1.95,
    1.1475,
    0.345,
    2.5225,
    1.72,
    0.9175,
    0.115,
    2.2925,
    1.49,
    0.6875,
    2.8675,
    2.065,
    1.2625,
    0.4575,
    2.6375,
    1.835,
    1.0325,
    0.23,
    2.4075,
    1.605,
    0.8025,
    0,
    2.18,
    1.375,
    0.5725,
    2.7525,
    1.95,
    1.1475,
    0.345,
    2.5225,
    1.72,
    0.9175,
    0.115,
    2.2925,
    1.49,
    0.6875,
    2.8675,
    2.065,
    1.2625,
    0.4575,
    2.6375,
    1.835,
    1.0325,
    0.23,
    2.4075,
    1.605,
    0.8025,
    0,
    2.18,
    1.375,
    0.5725,
    2.7525,
    1.95,
    1.1475,
    0.345,
    2.5225,
    1.72,
    0.9175,
    0.115,
    2.2925,
    1.49,
    0.6875,
    2.8675,
    2.065,
    1.2625,
    0.4575,
    2.6375,
    1.835,
    1.0325,
    0.23,
    2.4075,
    1.605,
    0.8025
  ],
  "TotalReadoutTime": 0.070801416
}