{"Units": "Hz", "PhaseEncodingDirection": "j-", "EchoTime": 0.0632, "RepetitionTime": 7.06, "IntendedFor": ["func/sub-32_task-identification_run-01_bold.nii.gz", "func/sub-32_task-identification_run-02_bold.nii.gz", "func/sub-32_task-identification_run-03_bold.nii.gz", "func/sub-32_task-identification_run-04_bold.nii.gz", "func/sub-32_task-localizer_bold.nii.gz"], "ImageType": ["ORIGINAL", "PRIMARY", "M", "ND", "MOSAIC"], "AcquisitionDateTime": "2017-07-06T13:26:34.416000", "TotalReadoutTime": 0.0580013, "Manufacturer": "Siemens", "MagneticFieldStrength": 3, "FlipAngle": 90, "SliceTiming": [3.53, 0, 3.6475, 0.1175, 3.765, 0.235, 3.8825, 0.3525, 4, 0.47, 4.1175, 0.5875, 4.235, 0.705, 4.3525, 0.825, 4.47, 0.9425, 4.59, 1.06, 4.7075, 1.1775, 4.825, 1.295, 4.9425, 1.4125, 5.06, 1.53, 5.1775, 1.6475, 5.295, 1.765, 5.4125, 1.8825, 5.53, 2, 5.6475, 2.1175, 5.765, 2.235, 5.8825, 2.3525, 6, 2.47, 6.1175, 2.5875, 6.235, 2.7075, 6.355, 2.825, 6.4725, 2.9425, 6.59, 3.06, 6.7075, 3.1775, 6.825, 3.295, 6.9425, 3.4125], "EffectiveEchoSpacing": 0.000580013, "ManufacturersModelName": "Prisma"}