{"RepetitionTime": 7.06, "EchoTime": 0.0632, "ManufacturersModelName": "Prisma", "MagneticFieldStrength": 3, "Units": "Hz", "SliceTiming": [3.53, 0, 3.6475, 0.1175, 3.765, 0.235, 3.8825, 0.3525, 4, 0.47, 4.1175, 0.5875, 4.235, 0.705, 4.3525, 0.8225, 4.47, 0.94, 4.5875, 1.0575, 4.705, 1.1775, 4.825, 1.295, 4.9425, 1.4125, 5.06, 1.53, 5.1775, 1.6475, 5.295, 1.765, 5.4125, 1.8825, 5.53, 2, 5.6475, 2.1175, 5.765, 2.235, 5.8825, 2.3525, 6, 2.47, 6.1175, 2.5875, 6.235, 2.705, 6.3525, 2.8225, 6.47, 2.94, 6.5875, 3.06, 6.7075, 3.1775, 6.825, 3.295, 6.9425, 3.4125], "PhaseEncodingDirection": "j-", "FlipAngle": 90, "Manufacturer": "Siemens", "ImageType": ["ORIGINAL", "PRIMARY", "M", "ND", "MOSAIC"], "IntendedFor": "func/sub-39_task-rest_bold.nii.gz", "AcquisitionDateTime": "2017-07-27T15:57:49.550000", "TotalReadoutTime": 0.0580013, "EffectiveEchoSpacing": 0.000580013}