{"Units": "Hz", "PhaseEncodingDirection": "j-", "EchoTime": 0.0632, "RepetitionTime": 7.06, "IntendedFor": ["func/sub-30_task-identification_run-01_bold.nii.gz", "func/sub-30_task-identification_run-02_bold.nii.gz", "func/sub-30_task-identification_run-03_bold.nii.gz", "func/sub-30_task-identification_run-04_bold.nii.gz", "func/sub-30_task-localizer_bold.nii.gz"], "ImageType": ["ORIGINAL", "PRIMARY", "M", "ND", "MOSAIC"], "AcquisitionDateTime": "2017-06-27T13:33:42.047000", "TotalReadoutTime": 0.0580013, "Manufacturer": "Siemens", "MagneticFieldStrength": 3, "FlipAngle": 90, "SliceTiming": [3.5275, 0, 3.6475, 0.1175, 3.765, 0.235, 3.8825, 0.3525, 4, 0.47, 4.1175, 0.5875, 4.235, 0.705, 4.3525, 0.8225, 4.47, 0.94, 4.5875, 1.0575, 4.705, 1.175, 4.8225, 1.2925, 4.94, 1.41, 5.0575, 1.5275, 5.175, 1.645, 5.2925, 1.765, 5.4125, 1.8825, 5.53, 2, 5.6475, 2.1175, 5.765, 2.235, 5.8825, 2.3525, 6, 2.47, 6.1175, 2.5875, 6.235, 2.705, 6.3525, 2.8225, 6.47, 2.94, 6.5875, 3.0575, 6.705, 3.175, 6.8225, 3.2925, 6.94, 3.41], "EffectiveEchoSpacing": 0.000580013, "ManufacturersModelName": "Prisma"}