{
  "AcquisitionDateTime": "2017-07-06T13:43:17.058000",
  "EchoTime": 0.0352,
  "EffectiveEchoSpacing": 0.000580013,
  "FlipAngle": 56,
  "ImageType": ["ORIGINAL","PRIMARY","M","ND","MOSAIC"],
  "MagneticFieldStrength": 3,
  "Manufacturer": "Siemens",
  "ManufacturersModelName": "Prisma",
  "PhaseEncodingDirection": "j-",
  "RepetitionTime": 0.955,
  "SliceTiming": [
    4.695,
    4.6175,
    4.5375,
    4.4575,
    4.3775,
    4.2975,
    4.2175,
    4.14,
    4.06,
    3.98,
    3.9,
    3.82,
    3.74,
    3.6625,
    3.5825,
    3.5025,
    3.4225,
    3.3425,
    3.2625,
    3.185,
    3.105,
    3.025,
    2.945,
    2.865,
    2.785,
    2.7075,
    2.6275,
    2.5475,
    2.4675,
    2.3875,
    2.3075,
    2.23,
    2.15,
    2.07,
    1.99,
    1.91,
    1.83,
    1.7525,
    1.6725,
    1.5925,
    1.5125,
    1.4325,
    1.355,
    1.275,
    1.195,
    1.115,
    1.035,
    0.955,
    0.8775,
    0.7975,
    0.7175,
    0.6375,
    0.5575,
    0.4775,
    0.4,
    0.32,
    0.24,
    0.16,
    0.08,
    0
  ],
  "TotalReadoutTime": 0.0580013
}